GEM
  remote: https://rubygems.org/
  specs:
    haml (5.0.4)
      temple (>= 0.8.0)
      tilt
    mustermann (1.0.3)
    rack (2.0.8)
    rack-protection (2.0.5)
      rack
    sinatra (2.0.5)
      mustermann (~> 1.0)
      rack (~> 2.0)
      rack-protection (= 2.0.5)
      tilt (~> 2.0)
    temple (0.8.1)
    tilt (2.0.9)

PLATFORMS
  ruby

DEPENDENCIES
  haml (>= 5.0.0)
  sinatra

RUBY VERSION
   ruby 2.5.1p57

BUNDLED WITH
   1.17.3
